GEM
  remote: https://rubygems.org/
  specs:
    diff-lcs (1.2.1)
    fnv (0.2.0)
    hamster (0.4.3)
    hamsterdam (1.0.5)
      hamster
    json (1.7.7)
    lexical_uuid (0.2.1)
      fnv
    rantly (0.3.1)
    rspec (2.13.0)
      rspec-core (~> 2.13.0)
      rspec-expectations (~> 2.13.0)
      rspec-mocks (~> 2.13.0)
    rspec-core (2.13.1)
    rspec-expectations (2.13.0)
      diff-lcs (>= 1.1.3, < 2.0)
    rspec-mocks (2.13.0)

PLATFORMS
  ruby

DEPENDENCIES
  hamsterdam
  json
  lexical_uuid
  rantly
  rspec
